PATH
  remote: .
  specs:
    factor-connector-trello (0.0.1)
      factor-connector-api (~> 0.0.3)

GEM
  remote: https://rubygems.org/
  specs:
    addressable (2.3.6)
    celluloid (0.16.0)
      timers (~> 4.0.0)
    codeclimate-test-reporter (0.3.0)
      simplecov (>= 0.7.1, < 1.0.0)
    diff-lcs (1.2.5)
    docile (1.1.5)
    factor-connector-api (0.0.6)
      addressable (~> 2.3.6)
      celluloid (~> 0.16.0)
      rest-client (~> 1.7.2)
    hitimes (1.2.2)
    mime-types (2.3)
    multi_json (1.10.1)
    netrc (0.7.7)
    predicated (0.2.6)
    rake (10.3.2)
    rest-client (1.7.2)
      mime-types (>= 1.16, < 3.0)
      netrc (~> 0.7)
    rspec (3.1.0)
      rspec-core (~> 3.1.0)
      rspec-expectations (~> 3.1.0)
      rspec-mocks (~> 3.1.0)
    rspec-core (3.1.5)
      rspec-support (~> 3.1.0)
    rspec-expectations (3.1.2)
      diff-lcs (>= 1.2.0, < 2.0)
      rspec-support (~> 3.1.0)
    rspec-mocks (3.1.2)
      rspec-support (~> 3.1.0)
    rspec-support (3.1.1)
    ruby2ruby (2.1.3)
      ruby_parser (~> 3.1)
      sexp_processor (~> 4.0)
    ruby_parser (3.6.3)
      sexp_processor (~> 4.1)
    sexp_processor (4.4.4)
    simplecov (0.9.1)
      docile (~> 1.1.0)
      multi_json (~> 1.0)
      simplecov-html (~> 0.8.0)
    simplecov-html (0.8.0)
    timers (4.0.1)
      hitimes
    wrong (0.7.1)
      diff-lcs (~> 1.2.5)
      predicated (~> 0.2.6)
      ruby2ruby (>= 2.0.1)
      ruby_parser (>= 3.0.1)
      sexp_processor (>= 4.0)

PLATFORMS
  ruby

DEPENDENCIES
  codeclimate-test-reporter (~> 0.3.0)
  factor-connector-trello!
  rake (~> 10.3.2)
  rspec (~> 3.1.0)
  wrong (~> 0.7.1)
