PATH
  remote: .
  specs:
    factor-connector-trello (0.0.1)
      factor-connector-api (~> 0.0.3)

GEM
  remote: https://rubygems.org/
  specs:
    addressable (2.3.6)
    celluloid (0.16.0)
      timers (~> 4.0.0)
    factor-connector-api (0.0.6)
      addressable (~> 2.3.6)
      celluloid (~> 0.16.0)
      rest-client (~> 1.7.2)
    hitimes (1.2.2)
    mime-types (2.3)
    netrc (0.7.7)
    rest-client (1.7.2)
      mime-types (>= 1.16, < 3.0)
      netrc (~> 0.7)
    timers (4.0.1)
      hitimes

PLATFORMS
  ruby

DEPENDENCIES
  factor-connector-trello!
